GEM
  remote: https://rubygems.org/
  specs:
    cuba (3.9.3)
      rack (>= 1.6.0)
    dotenv (2.7.6)
    ffi (1.15.5)
    json (2.6.2)
    listen (3.7.1)
      rb-fsevent (~> 0.10, >= 0.10.3)
      rb-inotify (~> 0.9, >= 0.9.10)
    logger (1.5.1)
    pg (0.18.4)
    rack (1.6.13)
    rb-fsevent (0.11.1)
    rb-inotify (0.10.1)
      ffi (~> 1.0)
    rerun (0.13.1)
      listen (~> 3.0)
    sequel (5.58.0)

PLATFORMS
  x86_64-linux

DEPENDENCIES
  cuba (~> 3.9, >= 3.9.3)
  dotenv
  json
  logger
  pg (~> 0.18.4)
  rack (~> 1.6, >= 1.6.4)
  rerun
  sequel

BUNDLED WITH
   2.3.18
